GEM
  remote: http://rubygems.org/
  specs:
    mini_portile2 (2.1.0)
    nokogiri (1.6.8.1)
      mini_portile2 (~> 2.1.0)
    rubyzip (1.2.0)
    simple_xlsx_reader (1.0.2)
      nokogiri
      rubyzip

PLATFORMS
  ruby

DEPENDENCIES
  simple_xlsx_reader

BUNDLED WITH
   1.12.5
